GEM
  remote: https://www.rubygems.org/
  specs:
    active_support (3.0.0)
      activesupport (= 3.0.0)
    activesupport (3.0.0)
    awesome_print (1.1.0)
    coderay (1.0.9)
    colorize (0.5.8)
    file-tail (1.0.12)
      tins (~> 0.5)
    method_source (0.8.1)
    pry (0.9.12.2)
      coderay (~> 1.0.5)
      method_source (~> 0.8)
      slop (~> 3.4)
    slop (3.4.5)
    tins (0.8.2)

PLATFORMS
  ruby

DEPENDENCIES
  active_support
  awesome_print
  colorize
  file-tail
  pry
